GEM
  remote: http://rubygems.org/
  specs:
    actionmailer (2.3.8)
      actionpack (= 2.3.8)
    actionpack (2.3.8)
      activesupport (= 2.3.8)
      rack (~> 1.1.0)
    activerecord (2.3.8)
      activesupport (= 2.3.8)
    activeresource (2.3.8)
      activesupport (= 2.3.8)
    activesupport (2.3.8)
    devise (1.0.8)
      warden (~> 0.10.3)
    factory_girl (1.2.4)
    faker (0.3.1)
    fakeweb (1.3.0)
    mysql2 (0.2.6)
    rack (1.1.0)
    rails (2.3.8)
      actionmailer (= 2.3.8)
      actionpack (= 2.3.8)
      activerecord (= 2.3.8)
      activeresource (= 2.3.8)
      activesupport (= 2.3.8)
      rake (>= 0.8.3)
    rake (0.8.7)
    rspec (1.3.0)
    rspec-rails (1.3.2)
      rack (>= 1.0.0)
      rspec (>= 1.3.0)
    shoulda (2.10.3)
    warden (0.10.7)
      rack (>= 1.0.0)

PLATFORMS
  ruby

DEPENDENCIES
  devise (= 1.0.8)
  factory_girl (= 1.2.4)
  faker (= 0.3.1)
  fakeweb
  mysql2
  rails (= 2.3.8)
  rspec (= 1.3.0)
  rspec-rails (= 1.3.2)
  shoulda (= 2.10.3)
